GEM
  remote: https://gems.sutty.nl/
  specs:
    addressable (2.8.5)
      public_suffix (>= 2.0.2, < 6.0)
    ansi (1.5.0)
    ast (2.4.2)
    brotli (0.2.3-x86_64-linux-musl)
    climate_control (1.2.0)
    coderay (1.1.3)
    colorator (1.1.0)
    commonmarker (0.23.10-x86_64-linux-musl)
    concurrent-ruby (1.2.2)
    crass (1.0.6)
    distributed-press-api-client (0.3.0rc3)
      addressable (~> 2.3, >= 2.3.0)
      climate_control
      dry-schema
      httparty (~> 0.18)
      json (~> 2.1, >= 2.1.0)
      jwt (~> 2.6.0)
    dry-configurable (1.1.0)
      dry-core (~> 1.0, < 2)
      zeitwerk (~> 2.6)
    dry-core (1.0.1)
      concurrent-ruby (~> 1.0)
      zeitwerk (~> 2.6)
    dry-inflector (1.0.0)
    dry-initializer (3.1.1)
    dry-logic (1.5.0)
      concurrent-ruby (~> 1.0)
      dry-core (~> 1.0, < 2)
      zeitwerk (~> 2.6)
    dry-schema (1.13.3)
      concurrent-ruby (~> 1.0)
      dry-configurable (~> 1.0, >= 1.0.1)
      dry-core (~> 1.0, < 2)
      dry-initializer (~> 3.0)
      dry-logic (>= 1.4, < 2)
      dry-types (>= 1.7, < 2)
      zeitwerk (~> 2.6)
    dry-types (1.7.1)
      concurrent-ruby (~> 1.0)
      dry-core (~> 1.0)
      dry-inflector (~> 1.0)
      dry-logic (~> 1.4)
      zeitwerk (~> 2.6)
    em-websocket (0.5.3)
      eventmachine (>= 0.12.9)
      http_parser.rb (~> 0)
    eventmachine (1.2.7-x86_64-linux-musl)
    faraday (1.10.3)
      faraday-em_http (~> 1.0)
      faraday-em_synchrony (~> 1.0)
      faraday-excon (~> 1.1)
      faraday-httpclient (~> 1.0)
      faraday-multipart (~> 1.0)
      faraday-net_http (~> 1.0)
      faraday-net_http_persistent (~> 1.0)
      faraday-patron (~> 1.0)
      faraday-rack (~> 1.0)
      faraday-retry (~> 1.0)
      ruby2_keywords (>= 0.0.4)
    faraday-em_http (1.0.0)
    faraday-em_synchrony (1.0.0)
    faraday-excon (1.1.0)
    faraday-http-cache (2.5.0)
      faraday (>= 0.8)
    faraday-httpclient (1.0.1)
    faraday-multipart (1.0.4)
      multipart-post (~> 2)
    faraday-net_http (1.0.1)
    faraday-net_http_persistent (1.2.0)
    faraday-patron (1.0.0)
    faraday-rack (1.0.0)
    faraday-retry (1.0.3)
    faraday_middleware (1.2.0)
      faraday (~> 1.0)
    fast_blank (1.0.1-x86_64-linux-musl)
    ffi (1.15.5-x86_64-linux-musl)
    forwardable-extended (2.6.0)
    http_parser.rb (0.8.0-x86_64-linux-musl)
    httparty (0.21.0)
      mini_mime (>= 1.0.0)
      multi_xml (>= 0.5.2)
    i18n (1.14.1)
      concurrent-ruby (~> 1.0)
    jekyll (4.2.2)
      addressable (~> 2.4)
      colorator (~> 1.0)
      em-websocket (~> 0.5)
      i18n (~> 1.0)
      jekyll-sass-converter (~> 2.0)
      jekyll-watch (~> 2.0)
      kramdown (~> 2.3)
      kramdown-parser-gfm (~> 1.0)
      liquid (~> 4.0)
      mercenary (~> 0.4.0)
      pathutil (~> 0.9)
      rouge (~> 3.0)
      safe_yaml (~> 1.0)
      terminal-table (~> 2.0)
    jekyll-activity-pub (0.1.0rc5)
      distributed-press-api-client (~> 0.3.0rc3)
      jekyll (~> 4)
    jekyll-brotli (2.4.2)
      brotli (~> 0.2.0)
      jekyll (>= 3.0, < 5.0)
    jekyll-commonmark (1.4.0)
      commonmarker (~> 0.22)
    jekyll-data (1.1.2)
      jekyll (>= 3.3, < 5.0.0)
    jekyll-drafts-as-metadata (0.0.6)
      jekyll (>= 3.8, < 5)
    jekyll-embed-urls (0.5.14)
      faraday (~> 1.3)
      faraday-http-cache (~> 2.2)
      faraday_middleware (~> 1)
      jekyll (~> 4)
      loofah (~> 2.9)
      ogp (~> 0.5.0, < 0.6)
      ruby-oembed (~> 0.16.0)
      url-privacy (~> 0.1.1)
    jekyll-env (1.1.0)
    jekyll-feed (0.17.0)
      jekyll (>= 3.7, < 5.0)
    jekyll-gzip (2.5.2)
      jekyll (>= 3.0, < 5.0)
    jekyll-hardlinks (0.2.0)
      jekyll (~> 4)
    jekyll-ignore-layouts (0.1.2)
      jekyll (~> 4)
    jekyll-images (0.4.1)
      jekyll (~> 4)
      ruby-filemagic (~> 0.7)
      ruby-vips (~> 2)
    jekyll-include-cache (0.2.1)
      jekyll (>= 3.7, < 5.0)
    jekyll-linked-posts (0.5.2)
      jekyll (~> 4)
    jekyll-locales (0.2.1)
    jekyll-onion-location (0.1.2)
      jekyll (~> 4)
    jekyll-order (0.1.7)
    jekyll-purgecss (0.3.0)
    jekyll-relative-urls (0.0.6)
      jekyll (~> 4)
    jekyll-sass-converter (2.2.0)
      sassc (> 2.0.1, < 3.0)
    jekyll-seo-tag (2.8.0)
      jekyll (>= 3.8, < 5.0)
    jekyll-sitemap (1.4.0)
      jekyll (>= 3.7, < 5.0)
    jekyll-unique-urls (0.1.2)
      jekyll (~> 4)
    jekyll-watch (2.2.1)
      listen (~> 3.0)
    jekyll-write-and-commit-changes (0.2.3)
      jekyll (~> 4)
      rugged (~> 1)
    json (2.6.3-x86_64-linux-musl)
    jwt (2.6.0)
    kramdown (2.4.0)
      rexml
    kramdown-parser-gfm (1.1.0)
      kramdown (~> 2.0)
    liquid (4.0.4)
    listen (3.8.0)
      rb-fsevent (~> 0.10, >= 0.10.3)
      rb-inotify (~> 0.9, >= 0.9.10)
    loofah (2.21.3)
      crass (~> 1.0.2)
      nokogiri (>= 1.12.0)
    mercenary (0.4.0)
    method_source (1.0.0)
    mini_mime (1.1.5)
    mini_portile2 (2.8.4)
    multi_xml (0.6.0)
    multipart-post (2.3.0)
    nokogiri (1.15.4-x86_64-linux-musl)
      mini_portile2 (~> 2.8.2)
      racc (~> 1.4)
    oga (3.4-x86_64-linux-musl)
      ast
      ruby-ll (~> 2.1)
    ogp (0.5.0)
      oga (~> 3.3)
    parallel (1.23.0)
    parser (3.2.2.1)
      ast (~> 2.4.1)
    pathutil (0.16.2)
      forwardable-extended (~> 2.6)
    pry (0.14.2)
      coderay (~> 1.1)
      method_source (~> 1.0)
    public_suffix (5.0.3)
    racc (1.7.1-x86_64-linux-musl)
    rainbow (3.1.1)
    rb-fsevent (0.11.2)
    rb-inotify (0.10.1)
      ffi (~> 1.0)
    regexp_parser (2.8.1)
    rexml (3.2.6)
    rouge (3.30.0)
    rubocop (1.18.4)
      parallel (~> 1.10)
      parser (>= 3.0.0.0)
      rainbow (>= 2.2.2, < 4.0)
      regexp_parser (>= 1.8, < 3.0)
      rexml
      rubocop-ast (>= 1.8.0, < 2.0)
      ruby-progressbar (~> 1.7)
      unicode-display_width (>= 1.4.0, < 3.0)
    rubocop-ast (1.29.0)
      parser (>= 3.2.1.0)
    rubocop-jekyll (0.12.0)
      rubocop (~> 1.18.0)
      rubocop-performance (~> 1.2)
    rubocop-performance (1.19.0)
      rubocop (>= 1.7.0, < 2.0)
      rubocop-ast (>= 0.4.0)
    ruby-filemagic (0.7.3-x86_64-linux-musl)
    ruby-ll (2.1.3-x86_64-linux-musl)
      ansi
      ast
    ruby-oembed (0.16.1)
    ruby-progressbar (1.13.0)
    ruby-vips (2.1.4)
      ffi (~> 1.12)
    ruby2_keywords (0.0.5)
    rugged (1.6.3-x86_64-linux-musl)
    safe_yaml (1.0.6)
    sassc (2.4.0-x86_64-linux-musl)
      ffi (~> 1.9)
    sutty-liquid (0.11.11)
      fast_blank (~> 1.0)
      jekyll (~> 4)
    sutty-minima (2.7.0rc0)
      jekyll (>= 3.5, < 5.0)
      jekyll-feed (~> 0.9)
      jekyll-include-cache
      jekyll-relative-urls (~> 0)
      jekyll-seo-tag (~> 2.1)
      sutty-liquid
    terminal-table (2.0.0)
      unicode-display_width (~> 1.1, >= 1.1.1)
    unicode-display_width (1.8.0)
    url-privacy (0.1.1)
    zeitwerk (2.6.11)

PLATFORMS
  x86_64-linux-musl

DEPENDENCIES
  jekyll (~> 4.2.0)
  jekyll-activity-pub
  jekyll-brotli
  jekyll-commonmark
  jekyll-data
  jekyll-drafts-as-metadata
  jekyll-embed-urls
  jekyll-env
  jekyll-feed
  jekyll-gzip
  jekyll-hardlinks
  jekyll-ignore-layouts
  jekyll-images
  jekyll-include-cache
  jekyll-linked-posts
  jekyll-locales
  jekyll-onion-location
  jekyll-order
  jekyll-purgecss
  jekyll-relative-urls
  jekyll-seo-tag
  jekyll-sitemap
  jekyll-unique-urls
  jekyll-write-and-commit-changes
  pry
  rubocop-jekyll
  sutty-liquid
  sutty-minima

BUNDLED WITH
   2.4.14
