GIT
  remote: https://0xacab.org/sutty/jekyll/jekyll-purgecss.git
  revision: 3f86a3d07e5f06af67ad5435e5a710987a86c8d6
  specs:
    jekyll-purgecss (0.2.0)

GEM
  remote: https://rubygems.org/
  specs:
    addressable (2.7.0)
      public_suffix (>= 2.0.2, < 5.0)
    ast (2.4.0)
    brotli (0.2.3)
    coderay (1.1.2)
    colorator (1.1.0)
    commonmarker (0.21.0)
      ruby-enum (~> 0.5)
    concurrent-ruby (1.1.6)
    editorial-autogestiva-jekyll-theme (0.2.6)
      jekyll (~> 4.0)
      jekyll-data (~> 1.1)
      jekyll-feed (~> 0.9)
      jekyll-images (~> 0.2)
      jekyll-include-cache (~> 0)
      jekyll-liquify-alt (~> 0.1)
      jekyll-locales (~> 0.1)
      jekyll-relative-urls (~> 0.0)
      jekyll-seo-tag (~> 2.1)
    em-websocket (0.5.1)
      eventmachine (>= 0.12.9)
      http_parser.rb (~> 0.6.0)
    eventmachine (1.2.7)
    ffi (1.12.2)
    forwardable-extended (2.6.0)
    http_parser.rb (0.6.0)
    i18n (1.8.2)
      concurrent-ruby (~> 1.0)
    jaro_winkler (1.5.4)
    jekyll (4.0.1)
      addressable (~> 2.4)
      colorator (~> 1.0)
      em-websocket (~> 0.5)
      i18n (>= 0.9.5, < 2)
      jekyll-sass-converter (~> 2.0)
      jekyll-watch (~> 2.0)
      kramdown (~> 2.1)
      kramdown-parser-gfm (~> 1.0)
      liquid (~> 4.0)
      mercenary (~> 0.3.3)
      pathutil (~> 0.9)
      rouge (~> 3.0)
      safe_yaml (~> 1.0)
      terminal-table (~> 1.8)
    jekyll-brotli (2.2.1)
      brotli (~> 0.2.0)
      jekyll (>= 3.0, < 5.0)
    jekyll-commonmark (1.3.1)
      commonmarker (~> 0.14)
      jekyll (>= 3.7, < 5.0)
    jekyll-data (1.1.1)
      jekyll (>= 3.3, < 5.0.0)
    jekyll-drafts-as-metadata (0.0.3)
      jekyll (>= 3.8, < 4.1)
    jekyll-feed (0.13.0)
      jekyll (>= 3.7, < 5.0)
    jekyll-gzip (2.4.2)
      jekyll (>= 3.0, < 5.0)
    jekyll-hardlinks (0.1.1)
      jekyll (~> 4)
    jekyll-images (0.2.4)
      jekyll (~> 4)
      ruby-filemagic (~> 0.7)
      ruby-vips (~> 2)
    jekyll-include-cache (0.2.0)
      jekyll (>= 3.7, < 5.0)
    jekyll-liquify-alt (0.1.2)
      jekyll (~> 4)
    jekyll-locales (0.1.7)
    jekyll-relative-urls (0.0.5)
      jekyll (>= 3.8, < 5)
    jekyll-sass-converter (2.1.0)
      sassc (> 2.0.1, < 3.0)
    jekyll-seo-tag (2.6.1)
      jekyll (>= 3.3, < 5.0)
    jekyll-sitemap (1.4.0)
      jekyll (>= 3.7, < 5.0)
    jekyll-turbolinks (0.0.5)
      jekyll (~> 4)
      turbolinks-source (~> 5)
    jekyll-watch (2.2.1)
      listen (~> 3.0)
    kramdown (2.2.1)
      rexml
    kramdown-parser-gfm (1.1.0)
      kramdown (~> 2.0)
    liquid (4.0.3)
    listen (3.2.1)
      rb-fsevent (~> 0.10, >= 0.10.3)
      rb-inotify (~> 0.9, >= 0.9.10)
    mercenary (0.3.6)
    method_source (1.0.0)
    minima (2.5.1)
      jekyll (>= 3.5, < 5.0)
      jekyll-feed (~> 0.9)
      jekyll-seo-tag (~> 2.1)
    parallel (1.19.1)
    parser (2.7.1.2)
      ast (~> 2.4.0)
    pathutil (0.16.2)
      forwardable-extended (~> 2.6)
    pry (0.13.1)
      coderay (~> 1.1)
      method_source (~> 1.0)
    public_suffix (4.0.5)
    rainbow (3.0.0)
    rb-fsevent (0.10.4)
    rb-inotify (0.10.1)
      ffi (~> 1.0)
    rexml (3.2.4)
    rouge (3.19.0)
    rubocop (0.80.1)
      jaro_winkler (~> 1.5.1)
      parallel (~> 1.10)
      parser (>= 2.7.0.1)
      rainbow (>= 2.2.2, < 4.0)
      rexml
      ruby-progressbar (~> 1.7)
      unicode-display_width (>= 1.4.0, < 1.7)
    rubocop-jekyll (0.11.0)
      rubocop (>= 0.68.0, < 0.81.0)
      rubocop-performance (~> 1.2)
    rubocop-performance (1.5.2)
      rubocop (>= 0.71.0)
    ruby-enum (0.8.0)
      i18n
    ruby-filemagic (0.7.2)
    ruby-progressbar (1.10.1)
    ruby-vips (2.0.17)
      ffi (~> 1.9)
    safe_yaml (1.0.5)
    sassc (2.3.0)
      ffi (~> 1.9)
    sutty-donaciones-jekyll-theme (0.1.0)
      jekyll (~> 4.0)
      jekyll-data (~> 1.1)
      jekyll-feed (~> 0.9)
      jekyll-images (~> 0.2)
      jekyll-include-cache (~> 0)
      jekyll-relative-urls (~> 0.0)
      jekyll-seo-tag (~> 2.1)
    sutty-jekyll-theme (0.1.2)
      jekyll (~> 4.0)
      jekyll-feed (~> 0.9)
      jekyll-images (~> 0.2)
      jekyll-include-cache (~> 0)
      jekyll-relative-urls (~> 0.0)
      jekyll-seo-tag (~> 2.1)
    terminal-table (1.8.0)
      unicode-display_width (~> 1.1, >= 1.1.1)
    turbolinks-source (5.2.0)
    unicode-display_width (1.6.1)

PLATFORMS
  ruby

DEPENDENCIES
  editorial-autogestiva-jekyll-theme
  jekyll (~> 4)
  jekyll-brotli
  jekyll-commonmark
  jekyll-data
  jekyll-drafts-as-metadata
  jekyll-feed
  jekyll-gzip
  jekyll-hardlinks
  jekyll-include-cache
  jekyll-locales
  jekyll-purgecss!
  jekyll-relative-urls
  jekyll-seo-tag
  jekyll-sitemap
  jekyll-turbolinks
  minima
  pry
  rubocop-jekyll
  sutty-donaciones-jekyll-theme
  sutty-jekyll-theme

BUNDLED WITH
   2.1.4
